PATH
  remote: .
  specs:
    swf_ruby (0.0.1)
      bundler (>= 1.0.0.rc.5)
      rmagick (>= 2.13.0)

GEM
  remote: http://rubygems.org/
  specs:
    pkg-config (1.5.5)
    rmagick (5.3.0)
      pkg-config (~> 1.4)

PLATFORMS
  ruby

DEPENDENCIES
  swf_ruby!
